GEM
  remote: https://rubygems.org/
  specs:
    coinbase (4.2.2)

PLATFORMS
  ruby

DEPENDENCIES
  coinbase

BUNDLED WITH
   2.2.7
